GEM
  remote: https://rubygems.org/
  specs:
    actioncable (7.2.0)
      actionpack (= 7.2.0)
      activesupport (= 7.2.0)
      nio4r (~> 2.0)
      websocket-driver (>= 0.6.1)
      zeitwerk (~> 2.6)
    actionmailbox (7.2.0)
      actionpack (= 7.2.0)
      activejob (= 7.2.0)
      activerecord (= 7.2.0)
      activestorage (= 7.2.0)
      activesupport (= 7.2.0)
      mail (>= 2.8.0)
    actionmailer (7.2.0)
      actionpack (= 7.2.0)
      actionview (= 7.2.0)
      activejob (= 7.2.0)
      activesupport (= 7.2.0)
      mail (>= 2.8.0)
      rails-dom-testing (~> 2.2)
    actionpack (7.2.0)
      actionview (= 7.2.0)
      activesupport (= 7.2.0)
      nokogiri (>= 1.8.5)
      racc
      rack (>= 2.2.4, < 3.2)
      rack-session (>= 1.0.1)
      rack-test (>= 0.6.3)
      rails-dom-testing (~> 2.2)
      rails-html-sanitizer (~> 1.6)
      useragent (~> 0.16)
    actiontext (7.2.0)
      actionpack (= 7.2.0)
      activerecord (= 7.2.0)
      activestorage (= 7.2.0)
      activesupport (= 7.2.0)
      globalid (>= 0.6.0)
      nokogiri (>= 1.8.5)
    actionview (7.2.0)
      activesupport (= 7.2.0)
      builder (~> 3.1)
      erubi (~> 1.11)
      rails-dom-testing (~> 2.2)
      rails-html-sanitizer (~> 1.6)
    activejob (7.2.0)
      activesupport (= 7.2.0)
      globalid (>= 0.3.6)
    activemodel (7.2.0)
      activesupport (= 7.2.0)
    activerecord (7.2.0)
      activemodel (= 7.2.0)
      activesupport (= 7.2.0)
      timeout (>= 0.4.0)
    activestorage (7.2.0)
      actionpack (= 7.2.0)
      activejob (= 7.2.0)
      activerecord (= 7.2.0)
      activesupport (= 7.2.0)
      marcel (~> 1.0)
    activesupport (7.2.0)
      base64
      bigdecimal
      concurrent-ruby (~> 1.0, >= 1.3.1)
      connection_pool (>= 2.2.5)
      drb
      i18n (>= 1.6, < 2)
      logger (>= 1.4.2)
      minitest (>= 5.1)
      securerandom (>= 0.3)
      tzinfo (~> 2.0, >= 2.0.5)
    addressable (2.8.7)
      public_suffix (>= 2.0.2, < 7.0)
    after_commit_everywhere (1.4.0)
      activerecord (>= 4.2)
      activesupport
    annotate (3.2.0)
      activerecord (>= 3.2, < 8.0)
      rake (>= 10.4, < 14.0)
    ast (2.4.2)
    aws-eventstream (1.3.0)
    aws-partitions (1.964.0)
    aws-sdk-core (3.201.5)
      aws-eventstream (~> 1, >= 1.3.0)
      aws-partitions (~> 1, >= 1.651.0)
      aws-sigv4 (~> 1.9)
      jmespath (~> 1, >= 1.6.1)
    aws-sdk-kms (1.88.0)
      aws-sdk-core (~> 3, >= 3.201.0)
      aws-sigv4 (~> 1.5)
    aws-sdk-s3 (1.158.0)
      aws-sdk-core (~> 3, >= 3.201.0)
      aws-sdk-kms (~> 1)
      aws-sigv4 (~> 1.5)
    aws-sigv4 (1.9.1)
      aws-eventstream (~> 1, >= 1.0.2)
    base64 (0.2.0)
    bcrypt (3.1.20)
    bigdecimal (3.1.8)
    bindex (0.8.1)
    bootsnap (1.18.4)
      msgpack (~> 1.2)
    builder (3.3.0)
    capybara (3.40.0)
      addressable
      matrix
      mini_mime (>= 0.1.3)
      nokogiri (~> 1.11)
      rack (>= 1.6.0)
      rack-test (>= 0.6.3)
      regexp_parser (>= 1.5, < 3.0)
      xpath (~> 3.2)
    coderay (1.1.3)
    concurrent-ruby (1.3.4)
    connection_pool (2.4.1)
    crass (1.0.6)
    date (3.3.4)
    debug (1.9.2)
      irb (~> 1.10)
      reline (>= 0.3.8)
    discard (1.3.0)
      activerecord (>= 4.2, < 8)
    dotenv (3.1.2)
    dotenv-rails (3.1.2)
      dotenv (= 3.1.2)
      railties (>= 6.1)
    drb (2.2.1)
    dry-core (1.0.1)
      concurrent-ruby (~> 1.0)
      zeitwerk (~> 2.6)
    dry-inflector (1.1.0)
    dry-logic (1.5.0)
      concurrent-ruby (~> 1.0)
      dry-core (~> 1.0, < 2)
      zeitwerk (~> 2.6)
    dry-struct (1.6.0)
      dry-core (~> 1.0, < 2)
      dry-types (>= 1.7, < 2)
      ice_nine (~> 0.11)
      zeitwerk (~> 2.6)
    dry-types (1.7.2)
      bigdecimal (~> 3.0)
      concurrent-ruby (~> 1.0)
      dry-core (~> 1.0)
      dry-inflector (~> 1.0)
      dry-logic (~> 1.4)
      zeitwerk (~> 2.6)
    erubi (1.13.0)
    et-orbi (1.2.11)
      tzinfo
    execjs (2.9.1)
    faraday (2.10.1)
      faraday-net_http (>= 2.0, < 3.2)
      logger
    faraday-multipart (1.0.4)
      multipart-post (~> 2)
    faraday-net_http (3.1.1)
      net-http
    ffi (1.17.0-x86_64-linux-gnu)
    friendly_id (5.5.1)
      activerecord (>= 4.0.0)
    fugit (1.11.1)
      et-orbi (~> 1, >= 1.2.11)
      raabro (~> 1.4)
    glob (0.4.1)
    globalid (1.2.1)
      activesupport (>= 6.1)
    good_job (4.2.0)
      activejob (>= 6.1.0)
      activerecord (>= 6.1.0)
      concurrent-ruby (>= 1.3.1)
      fugit (>= 1.11.0)
      railties (>= 6.1.0)
      thor (>= 1.0.0)
    highline (3.1.0)
      reline
    i18n (1.14.5)
      concurrent-ruby (~> 1.0)
    i18n-js (4.2.3)
      glob (>= 0.4.0)
      i18n
    i18n-tasks (1.0.14)
      activesupport (>= 4.0.2)
      ast (>= 2.1.0)
      erubi
      highline (>= 2.0.0)
      i18n
      parser (>= 3.2.2.1)
      rails-i18n
      rainbow (>= 2.2.2, < 4.0)
      terminal-table (>= 1.5.1)
    ice_nine (0.11.2)
    io-console (0.7.2)
    irb (1.14.0)
      rdoc (>= 4.0.0)
      reline (>= 0.4.2)
    jmespath (1.6.2)
    json (2.7.2)
    language_server-protocol (3.17.0.3)
    listen (3.9.0)
      rb-fsevent (~> 0.10, >= 0.10.3)
      rb-inotify (~> 0.9, >= 0.9.10)
    logger (1.6.0)
    loofah (2.22.0)
      crass (~> 1.0.2)
      nokogiri (>= 1.12.0)
    mail (2.8.1)
      mini_mime (>= 0.1.1)
      net-imap
      net-pop
      net-smtp
    marcel (1.0.4)
    matrix (0.4.2)
    method_source (1.1.0)
    mini_mime (1.1.5)
    minitest (5.25.1)
    msgpack (1.7.2)
    multipart-post (2.4.1)
    net-http (0.4.1)
      uri
    net-imap (0.4.14)
      date
      net-protocol
    net-pop (0.1.2)
      net-protocol
    net-protocol (0.2.2)
      timeout
    net-smtp (0.5.0)
      net-protocol
    nio4r (2.7.3)
    nokogiri (1.16.7-x86_64-linux)
      racc (~> 1.4)
    pagy (9.0.5)
    parallel (1.26.3)
    parser (3.3.4.2)
      ast (~> 2.4.1)
      racc
    pg (1.5.7)
    pg_search (2.3.7)
      activerecord (>= 6.1)
      activesupport (>= 6.1)
    phonelib (0.8.9)
    pry (0.14.2)
      coderay (~> 1.1)
      method_source (~> 1.0)
    psych (5.1.2)
      stringio
    public_suffix (6.0.1)
    puma (6.4.2)
      nio4r (~> 2.0)
    raabro (1.4.0)
    racc (1.8.1)
    rack (2.2.9)
    rack-proxy (0.7.7)
      rack
    rack-session (1.0.2)
      rack (< 3)
    rack-test (2.1.0)
      rack (>= 1.3)
    rackup (1.0.0)
      rack (< 3)
      webrick
    rails (7.2.0)
      actioncable (= 7.2.0)
      actionmailbox (= 7.2.0)
      actionmailer (= 7.2.0)
      actionpack (= 7.2.0)
      actiontext (= 7.2.0)
      actionview (= 7.2.0)
      activejob (= 7.2.0)
      activemodel (= 7.2.0)
      activerecord (= 7.2.0)
      activestorage (= 7.2.0)
      activesupport (= 7.2.0)
      bundler (>= 1.15.0)
      railties (= 7.2.0)
    rails-dom-testing (2.2.0)
      activesupport (>= 5.0.0)
      minitest
      nokogiri (>= 1.6)
    rails-html-sanitizer (1.6.0)
      loofah (~> 2.21)
      nokogiri (~> 1.14)
    rails-i18n (7.0.9)
      i18n (>= 0.7, < 2)
      railties (>= 6.0.0, < 8)
    railties (7.2.0)
      actionpack (= 7.2.0)
      activesupport (= 7.2.0)
      irb (~> 1.13)
      rackup (>= 1.0.0)
      rake (>= 12.2)
      thor (~> 1.0, >= 1.2.2)
      zeitwerk (~> 2.6)
    rainbow (3.1.1)
    rake (13.2.1)
    ransack (4.2.1)
      activerecord (>= 6.1.5)
      activesupport (>= 6.1.5)
      i18n
    rb-fsevent (0.11.2)
    rb-inotify (0.11.1)
      ffi (~> 1.0)
    rdoc (6.7.0)
      psych (>= 4.0.0)
    react_on_rails (14.0.4)
      addressable
      connection_pool
      execjs (~> 2.5)
      rails (>= 5.2)
      rainbow (~> 3.0)
    redis (5.2.0)
      redis-client (>= 0.22.0)
    redis-client (0.22.2)
      connection_pool
    regexp_parser (2.9.2)
    reline (0.5.9)
      io-console (~> 0.5)
    rexml (3.3.5)
      strscan
    roda (3.83.0)
      rack
    rodauth (2.36.0)
      roda (>= 2.6.0)
      sequel (>= 4)
    rodauth-i18n (0.7.1)
      i18n (~> 1.0)
      rodauth (~> 2.19)
    rodauth-model (0.2.1)
      rodauth (~> 2.0)
    rodauth-rails (1.15.0)
      bcrypt
      railties (>= 5.0, < 8)
      roda (~> 3.76)
      rodauth (~> 2.36)
      rodauth-model (~> 0.2)
      sequel-activerecord_connection (~> 1.1)
      tilt
    rubocop (1.65.1)
      json (~> 2.3)
      language_server-protocol (>= 3.17.0)
      parallel (~> 1.10)
      parser (>= 3.3.0.2)
      rainbow (>= 2.2.2, < 4.0)
      regexp_parser (>= 2.4, < 3.0)
      rexml (>= 3.2.5, < 4.0)
      rubocop-ast (>= 1.31.1, < 2.0)
      ruby-progressbar (~> 1.7)
      unicode-display_width (>= 2.4.0, < 3.0)
    rubocop-ast (1.32.0)
      parser (>= 3.3.1.0)
    rubocop-rails (2.25.1)
      activesupport (>= 4.2.0)
      rack (>= 1.1)
      rubocop (>= 1.33.0, < 2.0)
      rubocop-ast (>= 1.31.1, < 2.0)
    ruby-progressbar (1.13.0)
    ruby-vips (2.2.2)
      ffi (~> 1.12)
      logger
    rubyzip (2.3.2)
    securerandom (0.3.1)
    selenium-webdriver (4.10.0)
      rexml (~> 3.2, >= 3.2.5)
      rubyzip (>= 1.2.2, < 3.0)
      websocket (~> 1.0)
    semantic_range (3.0.0)
    sequel (5.83.1)
      bigdecimal
    sequel-activerecord_connection (1.4.1)
      activerecord (>= 5.0, < 8)
      after_commit_everywhere (~> 1.1)
      sequel (~> 5.38)
    shakapacker (6.6.0)
      activesupport (>= 5.2)
      rack-proxy (>= 0.6.1)
      railties (>= 5.2)
      semantic_range (>= 2.3.0)
    sprockets (4.2.1)
      concurrent-ruby (~> 1.0)
      rack (>= 2.2.4, < 4)
    sprockets-rails (3.5.2)
      actionpack (>= 6.1)
      activesupport (>= 6.1)
      sprockets (>= 3.0.0)
    stimulus-rails (1.3.3)
      railties (>= 6.0.0)
    stringio (3.1.1)
    strscan (3.1.0)
    telegram-bot-ruby (1.0.0)
      dry-struct (~> 1.6)
      faraday (~> 2.0)
      faraday-multipart (~> 1.0)
      zeitwerk (~> 2.6)
    terminal-table (3.0.2)
      unicode-display_width (>= 1.1.1, < 3)
    thor (1.3.1)
    tilt (2.4.0)
    timeout (0.4.1)
    turbo-rails (2.0.6)
      actionpack (>= 6.0.0)
      activejob (>= 6.0.0)
      railties (>= 6.0.0)
    tzinfo (2.0.6)
      concurrent-ruby (~> 1.0)
    unicode-display_width (2.5.0)
    uri (0.13.0)
    useragent (0.16.10)
    web-console (4.2.1)
      actionview (>= 6.0.0)
      activemodel (>= 6.0.0)
      bindex (>= 0.4.0)
      railties (>= 6.0.0)
    webdrivers (5.3.1)
      nokogiri (~> 1.6)
      rubyzip (>= 1.3.0)
      selenium-webdriver (~> 4.0, < 4.11)
    webrick (1.8.1)
    websocket (1.2.11)
    websocket-driver (0.7.6)
      websocket-extensions (>= 0.1.0)
    websocket-extensions (0.1.5)
    xpath (3.2.0)
      nokogiri (~> 1.8)
    zeitwerk (2.6.17)

PLATFORMS
  x86_64-linux

DEPENDENCIES
  annotate
  aws-sdk-s3
  bootsnap
  capybara
  debug
  discard (~> 1.3)
  dotenv-rails
  friendly_id (~> 5.5)
  good_job (~> 4.2.0)
  i18n-js (~> 4.2)
  i18n-tasks (~> 1.0.12)
  listen (~> 3.9)
  pagy (~> 9.0)
  pg (~> 1.4)
  pg_search
  phonelib (~> 0.8.1)
  pry (~> 0.14.2)
  puma (~> 6.4)
  rails (~> 7.2.0)
  ransack
  react_on_rails (~> 14.0)
  redis (~> 5.2)
  rodauth-i18n (~> 0.7.1)
  rodauth-rails (~> 1.15)
  rubocop
  rubocop-rails
  ruby-vips
  selenium-webdriver
  shakapacker (~> 6.5)
  sprockets-rails
  stimulus-rails
  telegram-bot-ruby (~> 1.0)
  turbo-rails
  tzinfo-data
  web-console
  webdrivers

RUBY VERSION
   ruby 3.2.0p0

BUNDLED WITH
   2.4.5
